GEM
  remote: http://rubygems.org/
  specs:
    addressable (2.2.7)
    crack (0.3.1)
    haml (3.1.4)
    heroku (2.21.2)
      launchy (>= 0.3.2)
      rest-client (~> 1.6.1)
      rubyzip
      term-ansicolor (~> 1.0.5)
    launchy (2.0.5)
      addressable (~> 2.2.6)
    metaclass (0.0.1)
    mime-types (1.18)
    mocha (0.10.5)
      metaclass (~> 0.0.1)
    nokogiri (1.5.2)
    rack (1.4.1)
    rack-protection (1.2.0)
      rack
    rack-test (0.6.1)
      rack (>= 1.0)
    rest-client (1.6.7)
      mime-types (>= 1.16)
    rubyzip (0.9.6.1)
    sinatra (1.3.2)
      rack (~> 1.3, >= 1.3.6)
      rack-protection (~> 1.2)
      tilt (~> 1.3, >= 1.3.3)
    term-ansicolor (1.0.7)
    tilt (1.3.3)
    webmock (1.7.8)
      addressable (~> 2.2, > 2.2.5)
      crack (>= 0.1.7)

PLATFORMS
  ruby

DEPENDENCIES
  haml
  heroku
  mocha
  nokogiri
  rack-test
  sinatra
  webmock
