GEM
  remote: http://rubygems.org/
  specs:
    haml (3.1.4)
    metaclass (0.0.1)
    mocha (0.10.5)
      metaclass (~> 0.0.1)
    nokogiri (1.5.2)

PLATFORMS
  ruby

DEPENDENCIES
  haml
  mocha
  nokogiri
